FRAMEWORK: NET452, NET452
NUGET
  remote: https://www.nuget.org/api/v2
  specs:
    FSharp.Compiler.Service (2.0.0.5) - framework: net452
    FSharp.Core (4.0.0.1) - framework: net452
    FSharp.Formatting (2.14.0)
      FSharp.Compiler.Service (>= 2.0.0.3 < 2.1.0) - framework: net452
      FSharpVSPowerTools.Core (>= 2.3.0 < 2.4.0) - framework: net452
    FSharpVSPowerTools.Core (2.3.0) - framework: net452
      FSharp.Compiler.Service (>= 2.0.0.3) - framework: net452
    FsUnit.xUnit (1.4.1)
      FSharp.Core (>= 3.1.2.5) - framework: net452
      xunit (2.1.0) - framework: net452
    xunit (2.1.0) - framework: net452
      xunit.assert (2.1.0) - framework: net452
      xunit.core (2.1.0) - framework: net452
    xunit.abstractions (2.0.0) - framework: net452
    xunit.assert (2.1.0) - framework: net452
    xunit.core (2.1.0) - framework: net452
      xunit.extensibility.core (2.1.0) - framework: net452
      xunit.extensibility.execution (2.1.0) - framework: net452
    xunit.extensibility.core (2.1.0) - framework: net452
      xunit.abstractions (2.0.0) - framework: net452
    xunit.extensibility.execution (2.1.0) - framework: net452
      xunit.extensibility.core (2.1.0) - framework: net452
    xunit.runner.visualstudio (2.1.0) - version_in_path: true
